PATH
  remote: .
  specs:
    lolita-first-data (2.0.0)
      active_merchant_first_data (~> 1.1.0)
      rails (>= 3.2.0)

GEM
  remote: https://rubygems.org/
  specs:
    actionmailer (4.0.2)
      actionpack (= 4.0.2)
      mail (~> 2.5.4)
    actionpack (4.0.2)
      activesupport (= 4.0.2)
      builder (~> 3.1.0)
      erubis (~> 2.7.0)
      rack (~> 1.5.2)
      rack-test (~> 0.6.2)
    active_merchant_first_data (1.1.0)
      activemerchant (>= 1.15.0)
    active_utils (2.0.2)
      activesupport (>= 2.3.11)
      i18n
    activemerchant (1.42.7)
      active_utils (~> 2.0, >= 2.0.1)
      activesupport (>= 2.3.14, < 5.0.0)
      builder (>= 2.1.2, < 4.0.0)
      i18n (~> 0.5)
      json (~> 1.7)
      money (< 7.0.0)
      nokogiri (~> 1.4)
    activemodel (4.0.2)
      activesupport (= 4.0.2)
      builder (~> 3.1.0)
    activerecord (4.0.2)
      activemodel (= 4.0.2)
      activerecord-deprecated_finders (~> 1.0.2)
      activesupport (= 4.0.2)
      arel (~> 4.0.0)
    activerecord-deprecated_finders (1.0.3)
    activesupport (4.0.2)
      i18n (~> 0.6, >= 0.6.4)
      minitest (~> 4.2)
      multi_json (~> 1.3)
      thread_safe (~> 0.1)
      tzinfo (~> 0.3.37)
    addressable (2.3.5)
    arel (4.0.2)
    atomic (1.1.14)
    builder (3.1.4)
    byebug (2.6.0)
      columnize (~> 0.3)
      debugger-linecache (~> 1.2)
    coderay (1.1.0)
    columnize (0.3.6)
    crack (0.4.2)
      safe_yaml (~> 1.0.0)
    database_cleaner (1.2.0)
    debugger-linecache (1.2.0)
    diff-lcs (1.2.5)
    docile (1.1.3)
    erubis (2.7.0)
    fabrication (2.9.7)
    hike (1.2.3)
    i18n (0.6.9)
    jquery-rails (3.1.0)
      railties (>= 3.0, < 5.0)
      thor (>= 0.14, < 2.0)
    json (1.8.1)
    mail (2.5.4)
      mime-types (~> 1.16)
      treetop (~> 1.4.8)
    method_source (0.8.2)
    mime-types (1.25.1)
    mini_portile (0.5.3)
    minitest (4.7.5)
    monetize (0.1.4)
    money (6.0.1)
      i18n (~> 0.6.4)
      monetize (~> 0.1.3)
    multi_json (1.8.4)
    nokogiri (1.6.1)
      mini_portile (~> 0.5.0)
    polyglot (0.3.3)
    pry (0.9.12.6)
      coderay (~> 1.0)
      method_source (~> 0.8)
      slop (~> 3.4)
    pry-byebug (1.3.1)
      byebug (~> 2.6)
      pry (~> 0.9.12)
    rack (1.5.2)
    rack-test (0.6.2)
      rack (>= 1.0)
    rails (4.0.2)
      actionmailer (= 4.0.2)
      actionpack (= 4.0.2)
      activerecord (= 4.0.2)
      activesupport (= 4.0.2)
      bundler (>= 1.3.0, < 2.0)
      railties (= 4.0.2)
      sprockets-rails (~> 2.0.0)
    railties (4.0.2)
      actionpack (= 4.0.2)
      activesupport (= 4.0.2)
      rake (>= 0.8.7)
      thor (>= 0.18.1, < 2.0)
    rake (10.1.1)
    rspec-core (2.14.7)
    rspec-expectations (2.14.5)
      diff-lcs (>= 1.1.3, < 2.0)
    rspec-mocks (2.14.5)
    rspec-rails (2.14.1)
      actionpack (>= 3.0)
      activemodel (>= 3.0)
      activesupport (>= 3.0)
      railties (>= 3.0)
      rspec-core (~> 2.14.0)
      rspec-expectations (~> 2.14.0)
      rspec-mocks (~> 2.14.0)
    safe_yaml (1.0.1)
    simplecov (0.8.2)
      docile (~> 1.1.0)
      multi_json
      simplecov-html (~> 0.8.0)
    simplecov-html (0.8.0)
    slop (3.4.7)
    sprockets (2.10.1)
      hike (~> 1.2)
      multi_json (~> 1.0)
      rack (~> 1.0)
      tilt (~> 1.1, != 1.3.0)
    sprockets-rails (2.0.1)
      actionpack (>= 3.0)
      activesupport (>= 3.0)
      sprockets (~> 2.8)
    sqlite3 (1.3.8)
    thor (0.18.1)
    thread_safe (0.1.3)
      atomic
    tilt (1.4.1)
    treetop (1.4.15)
      polyglot
      polyglot (>= 0.3.1)
    tzinfo (0.3.38)
    webmock (1.17.2)
      addressable (>= 2.2.7)
      crack (>= 0.3.2)

PLATFORMS
  ruby

DEPENDENCIES
  database_cleaner (~> 1.2.0)
  fabrication (~> 2.1)
  jquery-rails
  lolita-first-data!
  pry-byebug (~> 1.3.1)
  rails (~> 4.0)
  rspec-rails (~> 2.14.0)
  simplecov (~> 0.8.2)
  sqlite3 (~> 1.3)
  webmock (~> 1)
